GEM
  remote: http://rubygems.org/
  specs:
    rotp (1.3.0)
    thrift (0.6.0)

PLATFORMS
  ruby

DEPENDENCIES
  rotp
  thrift
