PATH
  remote: .
  specs:
    ga_verify (0.0.1)
      rotp (~> 1.3.0)
      thrift (~> 0.6.0)

GEM
  remote: http://rubygems.org/
  specs:
    rotp (1.3.0)
    thrift (0.6.0)

PLATFORMS
  ruby

DEPENDENCIES
  ga_verify!
